PATH
  remote: .
  specs:
    opal-gem (0.0.1)

GEM
  remote: http://rubygems.org/
  specs:
    opal (0.3.29)
    opal-spec (0.2.5)
    rake (0.9.2.2)

PLATFORMS
  ruby

DEPENDENCIES
  opal
  opal-gem!
  opal-spec
  rake
